GEM
  remote: https://rubygems.org/
  specs:
    mini_portile (0.5.1)
    nokogiri (1.6.0)
      mini_portile (~> 0.5.0)
    spidr (0.4.1)
      nokogiri (~> 1.3)
    thor (0.18.1)

PLATFORMS
  ruby

DEPENDENCIES
  spidr
  thor
