GEM
  remote: https://rubygems.org/
  specs:
    anemone (0.7.2)
      nokogiri (>= 1.3.0)
      robotex (>= 1.0.0)
    awesome_print (1.1.0)
    mini_portile (0.5.1)
    nokogiri (1.6.0)
      mini_portile (~> 0.5.0)
    redis (3.0.4)
    robotex (1.0.0)
    spidr (0.4.1)
      nokogiri (~> 1.3)
    thor (0.18.1)

PLATFORMS
  ruby

DEPENDENCIES
  anemone
  awesome_print
  redis
  spidr
  thor
